GIT
  remote: git://github.com/operable/cog-rb.git
  revision: 2754976da636a19f7c085b8fab402ae0e6b758c0
  branch: imbriaco/remove-subcommands
  specs:
    cog-rb (0.3.0)
      rake (~> 11.2)

GEM
  remote: https://rubygems.org/
  specs:
    aws-sdk (2.5.5)
      aws-sdk-resources (= 2.5.5)
    aws-sdk-core (2.5.5)
      jmespath (~> 1.0)
    aws-sdk-resources (2.5.5)
      aws-sdk-core (= 2.5.5)
    diff-lcs (1.2.5)
    jmespath (1.3.1)
    rake (11.2.2)
    rspec (3.5.0)
      rspec-core (~> 3.5.0)
      rspec-expectations (~> 3.5.0)
      rspec-mocks (~> 3.5.0)
    rspec-core (3.5.2)
      rspec-support (~> 3.5.0)
    rspec-expectations (3.5.0)
      diff-lcs (>= 1.2.0, < 2.0)
      rspec-support (~> 3.5.0)
    rspec-mocks (3.5.0)
      diff-lcs (>= 1.2.0, < 2.0)
      rspec-support (~> 3.5.0)
    rspec-support (3.5.0)

PLATFORMS
  ruby

DEPENDENCIES
  aws-sdk (~> 2.5)
  cog-rb!
  rspec

BUNDLED WITH
   1.12.5
