GEM
  remote: https://rubygems.org/
  specs:
    aws-sdk (2.5.3)
      aws-sdk-resources (= 2.5.3)
    aws-sdk-core (2.5.3)
      jmespath (~> 1.0)
    aws-sdk-resources (2.5.3)
      aws-sdk-core (= 2.5.3)
    cog-rb (0.1.14)
      rake (~> 11.2)
    diff-lcs (1.2.5)
    jmespath (1.3.1)
    rake (11.2.2)
    rspec (3.5.0)
      rspec-core (~> 3.5.0)
      rspec-expectations (~> 3.5.0)
      rspec-mocks (~> 3.5.0)
    rspec-core (3.5.2)
      rspec-support (~> 3.5.0)
    rspec-expectations (3.5.0)
      diff-lcs (>= 1.2.0, < 2.0)
      rspec-support (~> 3.5.0)
    rspec-mocks (3.5.0)
      diff-lcs (>= 1.2.0, < 2.0)
      rspec-support (~> 3.5.0)
    rspec-support (3.5.0)

PLATFORMS
  ruby

DEPENDENCIES
  aws-sdk (~> 2.5)
  cog-rb (~> 0.1.14)
  rspec

BUNDLED WITH
   1.12.5
