GEM
  remote: https://rubygems.org/
  specs:
    aws-sdk (2.5.5)
      aws-sdk-resources (= 2.5.5)
    aws-sdk-core (2.5.5)
      jmespath (~> 1.0)
    aws-sdk-resources (2.5.5)
      aws-sdk-core (= 2.5.5)
    cog-rb (0.4.2)
      rake (~> 11.2)
    diff-lcs (1.2.5)
    jmespath (1.3.1)
    naturalsorter (3.0.14)
    rake (11.3.0)
    rspec (3.5.0)
      rspec-core (~> 3.5.0)
      rspec-expectations (~> 3.5.0)
      rspec-mocks (~> 3.5.0)
    rspec-core (3.5.2)
      rspec-support (~> 3.5.0)
    rspec-expectations (3.5.0)
      diff-lcs (>= 1.2.0, < 2.0)
      rspec-support (~> 3.5.0)
    rspec-mocks (3.5.0)
      diff-lcs (>= 1.2.0, < 2.0)
      rspec-support (~> 3.5.0)
    rspec-support (3.5.0)
    rugged (0.24.0)

PLATFORMS
  ruby

DEPENDENCIES
  aws-sdk (~> 2.5)
  cog-rb (~> 0.4.2)
  naturalsorter (= 3.0.14)
  rspec
  rugged (~> 0.24.0)

BUNDLED WITH
   1.13.6
